GEM
  remote: http://rubygems.org/
  specs:
    rack (1.4.1)
    yajl-ruby (1.1.0)

PLATFORMS
  ruby

DEPENDENCIES
  rack
  yajl-ruby
